ObjectType = Image
NDims = 3
DimSize = 256 256 112
HeaderSize = -1
BinaryData = True
BinaryDataByteOrderMSB = False
Orientation = 1 0 0 0 1 0 0 0 -1
ElementSpacing = 1.16 1.16 2.5
ElementType = MET_SHORT
ElementNumberOfChannels = 1
ElementDataFile = Case2Pack/Images/case2_T00-ssm.img
