ObjectType = Image
NDims = 3
DimSize = 256 256 99
HeaderSize = -1
BinaryData = True
BinaryDataByteOrderMSB = False
Orientation = 1 0 0 0 1 0 0 0 -1
ElementSpacing = 1.13 1.13 2.5
ElementType = MET_SHORT
ElementNumberOfChannels = 1
ElementDataFile = Case4Pack/Images/case4_T90-ssm.img
